PATH
  remote: .
  specs:
    unseen-ip-to-airbrake (0.1.0)
      airbrake-ruby (~> 1.6, >= 1.6.0)

GEM
  remote: https://rubygems.org/
  specs:
    airbrake-ruby (1.6.0)
    byebug (9.0.6)
    coderay (1.1.1)
    diff-lcs (1.2.5)
    method_source (0.8.2)
    pry (0.10.4)
      coderay (~> 1.1.0)
      method_source (~> 0.8.1)
      slop (~> 3.4)
    pry-byebug (3.4.2)
      byebug (~> 9.0)
      pry (~> 0.10)
    rspec (3.5.0)
      rspec-core (~> 3.5.0)
      rspec-expectations (~> 3.5.0)
      rspec-mocks (~> 3.5.0)
    rspec-core (3.5.4)
      rspec-support (~> 3.5.0)
    rspec-expectations (3.5.0)
      diff-lcs (>= 1.2.0, < 2.0)
      rspec-support (~> 3.5.0)
    rspec-mocks (3.5.0)
      diff-lcs (>= 1.2.0, < 2.0)
      rspec-support (~> 3.5.0)
    rspec-support (3.5.0)
    slop (3.6.0)
    timecop (0.8.1)

PLATFORMS
  ruby

DEPENDENCIES
  pry-byebug
  rspec (~> 3.5)
  timecop
  unseen-ip-to-airbrake!

BUNDLED WITH
   1.13.6
