GEM
  remote: https://rubygems.org/
  specs:
    airbrake-ruby (1.6.0)

PLATFORMS
  ruby

DEPENDENCIES
  airbrake-ruby (~> 1.6)

BUNDLED WITH
   1.12.5
